GIT
  remote: git://github.com/rsgong/bourbon.git
  revision: d10e01afb938a87314f42a90e09250edc98eb13d
  specs:
    bourbon (0.1.5)
      sass (>= 3.1)

GEM
  remote: http://rubygems.org/
  specs:
    actionmailer (3.1.1.rc1)
      actionpack (= 3.1.1.rc1)
      mail (~> 2.3.0)
    actionpack (3.1.1.rc1)
      activemodel (= 3.1.1.rc1)
      activesupport (= 3.1.1.rc1)
      builder (~> 3.0.0)
      erubis (~> 2.7.0)
      i18n (~> 0.6)
      rack (~> 1.3.2)
      rack-cache (~> 1.0.3)
      rack-mount (~> 0.8.2)
      rack-test (~> 0.6.1)
      sprockets (~> 2.0.0)
    activemodel (3.1.1.rc1)
      activesupport (= 3.1.1.rc1)
      builder (~> 3.0.0)
      i18n (~> 0.6)
    activerecord (3.1.1.rc1)
      activemodel (= 3.1.1.rc1)
      activesupport (= 3.1.1.rc1)
      arel (~> 2.2.1)
      tzinfo (~> 0.3.29)
    activeresource (3.1.1.rc1)
      activemodel (= 3.1.1.rc1)
      activesupport (= 3.1.1.rc1)
    activesupport (3.1.1.rc1)
      multi_json (~> 1.0)
    addressable (2.2.6)
    arel (2.2.1)
    aws-s3 (0.6.2)
      builder
      mime-types
      xml-simple
    bcrypt-ruby (2.1.4)
    bluecloth (2.1.0)
    braintree (2.11.0)
      builder (>= 2.0.0)
    builder (3.0.0)
    chronic (0.6.4)
    cocaine (0.2.0)
    coffee-script (2.2.0)
      coffee-script-source
      execjs
    coffee-script-source (1.1.2)
    database_cleaner (0.6.7)
    devise (1.4.2)
      bcrypt-ruby (~> 2.1.2)
      orm_adapter (~> 0.0.3)
      warden (~> 1.0.3)
    diff-lcs (1.1.3)
    erubis (2.7.0)
    execjs (1.2.9)
      multi_json (~> 1.0)
    factory_girl (2.1.2)
      activesupport
    heroku (2.8.4)
      launchy (>= 0.3.2)
      rest-client (~> 1.6.1)
      rubyzip
      term-ansicolor (~> 1.0.5)
    hike (1.2.1)
    i18n (0.6.0)
    jquery-rails (1.0.14)
      railties (~> 3.0)
      thor (~> 0.14)
    launchy (2.0.5)
      addressable (~> 2.2.6)
    libv8 (3.3.10.2)
    mail (2.3.0)
      i18n (>= 0.4.0)
      mime-types (~> 1.16)
      treetop (~> 1.4.8)
    mime-types (1.16)
    multi_json (1.0.3)
    orm_adapter (0.0.5)
    paperclip (2.4.0)
      activerecord (>= 2.3.0)
      activesupport (>= 2.3.2)
      cocaine (>= 0.0.2)
      mime-types
    pg (0.11.0)
    polyglot (0.3.2)
    rack (1.3.3)
    rack-cache (1.0.3)
      rack (>= 0.4)
    rack-mount (0.8.3)
      rack (>= 1.0.0)
    rack-ssl (1.3.2)
      rack
    rack-test (0.6.1)
      rack (>= 1.0)
    rails (3.1.1.rc1)
      actionmailer (= 3.1.1.rc1)
      actionpack (= 3.1.1.rc1)
      activerecord (= 3.1.1.rc1)
      activeresource (= 3.1.1.rc1)
      activesupport (= 3.1.1.rc1)
      bundler (~> 1.0)
      railties (= 3.1.1.rc1)
    railties (3.1.1.rc1)
      actionpack (= 3.1.1.rc1)
      activesupport (= 3.1.1.rc1)
      rack-ssl (~> 1.3.2)
      rake (>= 0.8.7)
      rdoc (~> 3.4)
      thor (~> 0.14.6)
    rake (0.8.7)
    rdoc (3.9.4)
    rest-client (1.6.7)
      mime-types (>= 1.16)
    rspec (2.6.0)
      rspec-core (~> 2.6.0)
      rspec-expectations (~> 2.6.0)
      rspec-mocks (~> 2.6.0)
    rspec-core (2.6.4)
    rspec-expectations (2.6.0)
      diff-lcs (~> 1.1.2)
    rspec-mocks (2.6.0)
    rspec-rails (2.6.1)
      actionpack (~> 3.0)
      activesupport (~> 3.0)
      railties (~> 3.0)
      rspec (~> 2.6.0)
    rubyzip (0.9.4)
    sass (3.1.7)
    spork (0.9.0.rc9)
    sprockets (2.0.0)
      hike (~> 1.2)
      rack (~> 1.0)
      tilt (!= 1.3.0, ~> 1.1)
    term-ansicolor (1.0.6)
    therubyracer (0.9.4)
      libv8 (~> 3.3.10)
    thor (0.14.6)
    tilt (1.3.3)
    treetop (1.4.10)
      polyglot
      polyglot (>= 0.3.1)
    tzinfo (0.3.29)
    uglifier (1.0.3)
      execjs (>= 0.3.0)
      multi_json (>= 1.0.2)
    warden (1.0.5)
      rack (>= 1.0)
    xml-simple (1.1.0)

PLATFORMS
  ruby

DEPENDENCIES
  aws-s3
  bluecloth
  bourbon!
  braintree
  chronic
  coffee-script
  database_cleaner (>= 0.6.6)
  devise (= 1.4.2)
  execjs
  factory_girl (>= 1.1.3)
  heroku
  jquery-rails
  multi_json
  paperclip (= 2.4.0)
  pg
  rails (~> 3.1.1.rc1)
  rake (= 0.8.7)
  rspec-rails (>= 2.5.0)
  sass
  spork (>= 0.8.4)
  therubyracer
  uglifier
